GEM
  remote: http://rubygems.org/
  specs:
    rake (12.3.3)
    xmpp4r (0.5)
    xmpp4r-simple (0.8.8)
      xmpp4r (>= 0.3.2)

PLATFORMS
  ruby

DEPENDENCIES
  rake
  xmpp4r
  xmpp4r-simple
